GEM
  remote: https://rubygems.org/
  specs:
<<<<<<< HEAD
    backports (3.3.5)
    multi_json (1.8.1)
    rack (1.5.2)
    rack-protection (1.5.0)
=======
    backports (2.6.1)
    eventmachine (0.12.10)
    rack (1.4.1)
    rack-protection (1.2.0)
>>>>>>> 7b791cf8538beab3b9556dc35a2bbf41e8d89155
      rack
    rack-test (0.6.2)
      rack (>= 1.0)
    sinatra (1.4.3)
      rack (~> 1.4)
      rack-protection (~> 1.4)
      tilt (~> 1.3, >= 1.3.4)
    sinatra-contrib (1.4.1)
      backports (>= 2.0)
      multi_json
      rack-protection
      rack-test
      sinatra (~> 1.4.0)
      tilt (~> 1.3)
    sqlite3 (1.3.8)
    tilt (1.4.1)

PLATFORMS
  ruby

DEPENDENCIES
  sinatra
  sinatra-contrib
  sqlite3
